GEM
  remote: http://rubygems.org/
  specs:
    activemodel (3.2.2)
      activesupport (= 3.2.2)
      builder (~> 3.0.0)
    activeresource (3.2.2)
      activemodel (= 3.2.2)
      activesupport (= 3.2.2)
    activesupport (3.2.2)
      i18n (~> 0.6)
      multi_json (~> 1.0)
    builder (3.0.0)
    diff-lcs (1.1.3)
    gash (0.1.3)
      open4 (>= 0, = 0.9.6)
    git (1.2.5)
    gli (1.4.0)
    grancher (0.1.5)
      gash
    hashie (1.2.0)
    i18n (0.6.0)
    jeweler (1.6.4)
      bundler (~> 1.0)
      git (>= 1.2.5)
      rake
    json (1.6.5)
    multi_json (1.0.4)
    nokogiri (1.5.0)
    open4 (0.9.6)
    rainbow (1.1.3)
    rake (0.9.2.2)
    rcov (1.0.0)
    rdoc (3.12)
      json (~> 1.4)
    rspec (2.8.0)
      rspec-core (~> 2.8.0)
      rspec-expectations (~> 2.8.0)
      rspec-mocks (~> 2.8.0)
    rspec-core (2.8.0)
    rspec-expectations (2.8.0)
      diff-lcs (~> 1.1.2)
    rspec-mocks (2.8.0)
    sdoc (0.3.16)
      json (>= 1.1.3)
      rdoc (~> 3.10)
    simplecov (0.5.4)
      multi_json (~> 1.0.3)
      simplecov-html (~> 0.5.3)
    simplecov-html (0.5.3)
    ticketmaster (0.6.10)
      activeresource (~> 3.0)
      activesupport (~> 3.0)
      hashie (~> 1.2)
    trac4r (1.2.4)
      gli
      gli (>= 1.1.0)
      grancher
      jeweler
      rainbow
      rainbow (>= 1.0.4)
      sdoc

PLATFORMS
  ruby

DEPENDENCIES
  bundler (~> 1.1)
  jeweler (~> 1.6)
  nokogiri (~> 1.5)
  rcov (~> 1.0)
  rspec (~> 2.8)
  simplecov (~> 0.5)
  ticketmaster (= 0.6.10)
  trac4r (~> 1.2)
