GEM
  remote: http://rubygems.org/
  specs:
    activemodel (3.2.13)
      activesupport (= 3.2.13)
      builder (~> 3.0.0)
    activeresource (3.2.13)
      activemodel (= 3.2.13)
      activesupport (= 3.2.13)
    activesupport (3.2.13)
      i18n (= 0.6.1)
      multi_json (~> 1.0)
    builder (3.0.4)
    coderay (1.0.9)
    diff-lcs (1.2.3)
    ffi (1.7.0)
    formatador (0.2.4)
    gash (0.1.4)
      open4 (>= 0.9.6)
    git (1.2.5)
    gli (2.5.6)
    grancher (0.1.5)
      gash
    guard (1.7.0)
      formatador (>= 0.2.4)
      listen (>= 0.6.0)
      lumberjack (>= 1.0.2)
      pry (>= 0.9.10)
      thor (>= 0.14.6)
    guard-rspec (2.5.3)
      guard (>= 1.1)
      rspec (~> 2.11)
    hashie (2.0.3)
    i18n (0.6.1)
    jeweler (1.8.4)
      bundler (~> 1.0)
      git (>= 1.2.5)
      rake
      rdoc
    json (1.7.7)
    libnotify (0.8.0)
      ffi (>= 1.0.11)
    listen (0.7.3)
    lumberjack (1.0.3)
    method_source (0.8.1)
    multi_json (1.7.2)
    nokogiri (1.5.9)
    open4 (1.3.0)
    pry (0.9.12)
      coderay (~> 1.0.5)
      method_source (~> 0.8)
      slop (~> 3.4)
    rainbow (1.1.4)
    rake (10.0.4)
    rb-inotify (0.9.0)
      ffi (>= 0.5.0)
    rcov (1.0.0)
    rdoc (3.12.2)
      json (~> 1.4)
    rspec (2.13.0)
      rspec-core (~> 2.13.0)
      rspec-expectations (~> 2.13.0)
      rspec-mocks (~> 2.13.0)
    rspec-core (2.13.1)
    rspec-expectations (2.13.0)
      diff-lcs (>= 1.1.3, < 2.0)
    rspec-mocks (2.13.1)
    sdoc (0.3.20)
      json (>= 1.1.3)
      rdoc (~> 3.10)
    simplecov (0.7.1)
      multi_json (~> 1.0)
      simplecov-html (~> 0.7.1)
    simplecov-html (0.7.1)
    slop (3.4.4)
    taskmapper (1.0.1)
      activeresource (~> 3.0)
      activesupport (~> 3.0)
      hashie (~> 2.0)
    thor (0.18.1)
    trac4r (1.2.4)
      gli
      gli (>= 1.1.0)
      grancher
      jeweler
      rainbow
      rainbow (>= 1.0.4)
      sdoc

PLATFORMS
  ruby

DEPENDENCIES
  bundler (~> 1.1)
  guard
  guard-rspec
  jeweler (~> 1.6)
  libnotify
  nokogiri (~> 1.5)
  rb-inotify
  rcov (~> 1.0)
  rspec (~> 2.8)
  simplecov (~> 0.5)
  taskmapper
  trac4r (~> 1.2)
